GEM
  remote: https://rubygems.org/
  specs:
    httpclient (2.8.3)
    json (2.6.3)
    minitest (5.18.1)

PLATFORMS
  ruby

DEPENDENCIES
  httpclient
  json
  minitest

BUNDLED WITH
   2.2.22
