GEM
  remote: https://rubygems.org/
  specs:
    httpclient (2.8.3)
    json (2.6.1)
    minitest (5.15.0)

PLATFORMS
  ruby

DEPENDENCIES
  httpclient
  json
  minitest

BUNDLED WITH
   2.1.4
